PATH
  remote: .
  specs:
    gryphon_nest (1.0.0)
      htmlbeautifier (~> 1.0)
      mustache (~> 1.0)
      webrick (~> 1.0)

GEM
  remote: https://rubygems.org/
  specs:
    htmlbeautifier (1.4.2)
    mustache (1.1.1)
    rake (13.0.6)
    webrick (1.7.0)

PLATFORMS
  x64-mingw-ucrt

DEPENDENCIES
  bundler (~> 2.3)
  gryphon_nest!
  rake (~> 13.0)

BUNDLED WITH
   2.3.23
