PATH
  remote: .
  specs:
    gryphon_nest (1.3.0)
      htmlbeautifier (~> 1.0)
      mustache (~> 1.0)
      sysexits (~> 1.2)
      webrick (~> 1.0)

GEM
  remote: https://rubygems.org/
  specs:
    htmlbeautifier (1.4.2)
    mustache (1.1.1)
    rake (13.0.6)
    sysexits (1.2.0)
    webrick (1.8.1)

PLATFORMS
  x64-mingw-ucrt
  x86_64-linux

DEPENDENCIES
  bundler (~> 2.3)
  gryphon_nest!
  rake (~> 13.0)

BUNDLED WITH
   2.3.23
