PATH
  remote: .
  specs:
    gryphon_nest (4.0.0)
      htmlbeautifier (~> 1.4)
      listen (~> 3.9)
      mustache (~> 1.0)
      psych (~> 3.3)
      webrick (~> 1.8)

GEM
  remote: https://rubygems.org/
  specs:
    ffi (1.17.2-x64-mingw-ucrt)
    ffi (1.17.2-x86-mingw32)
    ffi (1.17.2-x86_64-linux-gnu)
    htmlbeautifier (1.4.3)
    listen (3.9.0)
      rb-fsevent (~> 0.10, >= 0.10.3)
      rb-inotify (~> 0.9, >= 0.9.10)
    mustache (1.1.1)
    psych (3.3.4)
    rake (13.2.1)
    rb-fsevent (0.11.2)
    rb-inotify (0.11.1)
      ffi (~> 1.0)
    webrick (1.8.1)

PLATFORMS
  x64-mingw-ucrt
  x86-mingw32
  x86_64-linux

DEPENDENCIES
  bundler (~> 2.3)
  gryphon_nest!
  rake (~> 13.0)

BUNDLED WITH
   2.5.4
