PATH
  remote: .
  specs:
    gryphon_nest (2.1.0)
      htmlbeautifier (~> 1.4)
      mustache (~> 1.0)
      psych (~> 3.3)
      webrick (~> 1.8)

GEM
  remote: https://rubygems.org/
  specs:
    htmlbeautifier (1.4.3)
    mustache (1.1.1)
    psych (3.3.4)
    rake (13.2.1)
    webrick (1.8.1)

PLATFORMS
  x64-mingw-ucrt
  x86-mingw32
  x86_64-linux

DEPENDENCIES
  bundler (~> 2.3)
  gryphon_nest!
  rake (~> 13.0)

BUNDLED WITH
   2.5.4
